PATH
  remote: .
  specs:
    insist (0.0.4)
      cabin (> 0)

GEM
  remote: http://rubygems.org/
  specs:
    cabin (0.4.3)
      json
    diff-lcs (1.1.3)
    json (1.6.5)
    json (1.6.5-java)
    rspec (2.8.0)
      rspec-core (~> 2.8.0)
      rspec-expectations (~> 2.8.0)
      rspec-mocks (~> 2.8.0)
    rspec-core (2.8.0)
    rspec-expectations (2.8.0)
      diff-lcs (~> 1.1.2)
    rspec-mocks (2.8.0)

PLATFORMS
  java
  ruby

DEPENDENCIES
  insist!
  rspec (~> 2.8.0)
